GIT
  remote: https://github.com/akicho8/rain_table.git
  revision: d0f78d891e997b8f0549d6a809d4b07fe9dd7fd4
  specs:
    rain_table (0.1.0)
      activesupport

PATH
  remote: .
  specs:
    mogrin (0.1.6)
      activesupport (>= 3.2.5)
      httparty
      tapp

GEM
  remote: http://rubygems.org/
  specs:
    activesupport (3.2.5)
      i18n (~> 0.6)
      multi_json (~> 1.0)
    httparty (0.8.3)
      multi_json (~> 1.0)
      multi_xml
    i18n (0.6.0)
    multi_json (1.3.6)
    multi_xml (0.5.1)
    rspec-core (2.10.1)
    tapp (1.3.1)
      thor
    thor (0.15.2)

PLATFORMS
  ruby

DEPENDENCIES
  mogrin!
  rain_table!
  rspec-core
